GEM
  remote: https://rubygems.org/
  specs:
    addressable (2.3.8)
    ethon (0.10.1)
      ffi (>= 1.3.0)
    ffi (1.9.14)
    json_pure (1.8.3)
    typhoeus (1.1.2)
      ethon (>= 0.9.0)

PLATFORMS
  ruby

DEPENDENCIES
  addressable (>= 2.2.4)
  json_pure (= 1.8.3)
  typhoeus (>= 0.2.1)

BUNDLED WITH
   1.13.7
